GEM
  remote: https://rubygems.org/
  specs:
    rake (10.4.2)
    shoulda-context (1.2.1)

PLATFORMS
  ruby

DEPENDENCIES
  rake
  shoulda-context

BUNDLED WITH
   1.12.5
