GEM
  remote: https://rubygems.org/
  specs:
    power_assert (1.0.1)
    rake (12.0.0)
    shoulda-context (1.2.2)
    test-unit (3.2.3)
      power_assert

PLATFORMS
  ruby

DEPENDENCIES
  rake
  shoulda-context
  test-unit

BUNDLED WITH
   1.14.6
