GEM
  remote: https://rubygems.org/
  specs:
    power_assert (0.2.6)
    rake (10.4.2)
    shoulda-context (1.2.1)
    test-unit (3.1.5)
      power_assert

PLATFORMS
  ruby

DEPENDENCIES
  rake
  shoulda-context
  test-unit

BUNDLED WITH
   1.12.5
